GEM
  remote: https://rubygems.org/
  specs:
    json (2.6.2)
    rack (1.6.13)
    rack-protection (1.5.5)
      rack
    sinatra (1.4.8)
      rack (~> 1.5)
      rack-protection (~> 1.4)
      tilt (>= 1.3, < 3)
    tilt (2.0.11)
    tokenizer (0.3.0)

PLATFORMS
  x86_64-linux

DEPENDENCIES
  json (~> 2.6, >= 2.6.2)
  sinatra (~> 1.4, >= 1.4.7)
  tokenizer (~> 0.3.0)

BUNDLED WITH
   2.3.22
